GEM
  remote: https://rubygems.org/
  specs:
    addressable (2.3.5)
    adsf (1.1.1)
      rack (>= 1.0.0)
    allison (2.0.3)
    colored (1.2)
    cri (2.4.1)
      colored (>= 1.2)
    echoe (4.6.5)
      allison (>= 2.0.3)
      rake (>= 0.9.2)
      rdoc (>= 2.5.11)
      rubyforge (>= 2.0.4)
    execjs (2.0.2)
    exifr (1.1.3)
    fastimage (1.5.5)
      addressable (~> 2.3, >= 2.3.5)
    fspath (2.1.0)
    image_optim (0.10.0)
      exifr (~> 1.1.3)
      fspath (~> 2.1.0)
      image_size (~> 1.1.2)
      in_threads (~> 1.2.0)
      progress (~> 3.0.0)
    image_size (1.1.5)
    in_threads (1.2.0)
    json (1.8.1)
    json_pure (1.8.1)
    kramdown (1.2.0)
    mime-types (1.25)
    mini_portile (0.5.1)
    nanoc (3.6.7)
      cri (~> 2.3)
    nanoc-image-compressor (0.1.1)
      image_optim
      nanoc (>= 3.3.1)
    nokogiri (1.6.1)
      mini_portile (~> 0.5.0)
    progress (3.0.0)
    rack (1.5.2)
    rainpress (1.0)
      echoe
    rake (10.1.1)
    rdoc (4.1.0)
      json (~> 1.4)
    rubyforge (2.0.4)
      json_pure (>= 1.1.7)
    rubypants (0.2.0)
    uglifier (2.4.0)
      execjs (>= 0.3.0)
      json (>= 1.8.0)

PLATFORMS
  ruby

DEPENDENCIES
  adsf
  fastimage
  kramdown
  mime-types
  nanoc
  nanoc-image-compressor
  nokogiri
  rainpress
  rubypants
  uglifier
